PATH
  remote: .
  specs:
    fixer (0.3.0)
      nokogiri (~> 1.4.0)

GEM
  remote: http://rubygems.org/
  specs:
    diff-lcs (1.1.2)
    nokogiri (1.4.3.1)
    rspec (2.1.0)
      rspec-core (~> 2.1.0)
      rspec-expectations (~> 2.1.0)
      rspec-mocks (~> 2.1.0)
    rspec-core (2.1.0)
    rspec-expectations (2.1.0)
      diff-lcs (~> 1.1.2)
    rspec-mocks (2.1.0)

PLATFORMS
  ruby

DEPENDENCIES
  fixer!
  nokogiri (~> 1.4.0)
  rspec (~> 2.1.0)
