PATH
  remote: .
  specs:
    fixer (0.1.1)
      nokogiri (~> 1.4.0)

GEM
  remote: http://rubygems.org/
  specs:
    diff-lcs (1.1.2)
    nokogiri (1.4.3.1)
    rake (0.8.7)
    rspec (2.0.0.rc)
      rspec-core (= 2.0.0.rc)
      rspec-expectations (= 2.0.0.rc)
      rspec-mocks (= 2.0.0.rc)
    rspec-core (2.0.0.rc)
    rspec-expectations (2.0.0.rc)
      diff-lcs (>= 1.1.2)
    rspec-mocks (2.0.0.rc)
      rspec-core (= 2.0.0.rc)
      rspec-expectations (= 2.0.0.rc)

PLATFORMS
  ruby

DEPENDENCIES
  fixer!
  nokogiri (~> 1.4.0)
  rake
  rspec (= 2.0.0.rc)
